PATH
  remote: .
  specs:
    AmberRack (0.1.0)
      builder
      coffee-filter
      haml
      rack-sprockets
      rack_dav
      sinatra
      sprockets

GEM
  remote: http://rubygems.org/
  specs:
    archive-tar-minitar (0.5.2)
    builder (3.0.0)
    coffee-filter (0.1.1)
      coffee-script (>= 2.2.0)
      haml (>= 3.0.18)
    coffee-script (2.2.0)
      coffee-script-source
      execjs
    coffee-script-source (1.1.2)
    columnize (0.3.4)
    execjs (1.2.9)
      multi_json (~> 1.0)
    haml (3.1.3)
    linecache19 (0.5.12)
      ruby_core_source (>= 0.1.4)
    multi_json (1.0.3)
    rack (1.3.4)
    rack-protection (1.1.4)
      rack
    rack-sprockets (1.1.0)
      rack (~> 1.0)
      sprockets (~> 1.0)
    rack_dav (0.1.3)
    ruby-debug-base19 (0.11.25)
      columnize (>= 0.3.1)
      linecache19 (>= 0.5.11)
      ruby_core_source (>= 0.1.4)
    ruby-debug19 (0.11.6)
      columnize (>= 0.3.1)
      linecache19 (>= 0.5.11)
      ruby-debug-base19 (>= 0.11.19)
    ruby_core_source (0.1.5)
      archive-tar-minitar (>= 0.5.2)
    sinatra (1.3.1)
      rack (~> 1.3, >= 1.3.4)
      rack-protection (~> 1.1, >= 1.1.2)
      tilt (~> 1.3, >= 1.3.3)
    sprockets (1.0.2)
    tilt (1.3.3)

PLATFORMS
  ruby

DEPENDENCIES
  AmberRack!
  linecache19
  ruby-debug19
